GEM
  remote: https://rubygems.org/
  specs:
    rack (2.0.3)
    rack-app (7.0.0)
      rack

PLATFORMS
  ruby

DEPENDENCIES
  rack-app

BUNDLED WITH
   1.15.1
